PATH
  remote: .
  specs:
    tros (1.7.6.2)

GEM
  remote: https://rubygems.org/
  specs:
    minitest (5.0.6)
    rake (10.3.2)

PLATFORMS
  java
  ruby

DEPENDENCIES
  minitest (~> 5)
  rake
  tros!
